PATH
  remote: .
  specs:
    locale_router (0.1.0)

GEM
  remote: https://rubygems.org/
  specs:
    http_accept_language (2.1.1)
    minitest (5.11.3)
    rake (10.5.0)

PLATFORMS
  ruby

DEPENDENCIES
  bundler (~> 2.0)
  http_accept_language
  locale_router!
  minitest (~> 5.0)
  rake (~> 10.0)

BUNDLED WITH
   2.0.1
